GEM
  remote: http://rubygems.org/
  specs:
    activemodel (3.0.3)
      activesupport (= 3.0.3)
      builder (~> 2.1.2)
      i18n (~> 0.4)
    activesupport (3.0.3)
    bencode (0.6.0)
    bson (1.1.5)
    bson_ext (1.1.5)
    builder (2.1.2)
    exceptional (2.0.32)
      rack
    haml (3.0.25)
    i18n (0.5.0)
    mongo (1.1.5)
      bson (>= 1.1.5)
    mongoid (2.0.0.beta.20)
      activemodel (~> 3.0)
      mongo (~> 1.1)
      tzinfo (~> 0.3.22)
      will_paginate (~> 3.0.pre)
    newrelic_rpm (2.13.4)
    rack (1.2.1)
    sinatra (1.1.2)
      rack (~> 1.1)
      tilt (~> 1.2)
    tilt (1.2.1)
    tzinfo (0.3.23)
    will_paginate (3.0.pre2)

PLATFORMS
  ruby

DEPENDENCIES
  bencode
  bson_ext
  exceptional
  haml
  mongoid (= 2.0.0.beta.20)
  newrelic_rpm
  sinatra
